GEM
  remote: http://rubygems.org/
  specs:
    addressable (2.2.6)
    awesome_print (0.4.0)
    crack (0.3.1)
    curb (0.7.15)
    diff-lcs (1.1.3)
    rake (0.9.2)
    rspec (2.6.0)
      rspec-core (~> 2.6.0)
      rspec-expectations (~> 2.6.0)
      rspec-mocks (~> 2.6.0)
    rspec-core (2.6.4)
    rspec-expectations (2.6.0)
      diff-lcs (~> 1.1.2)
    rspec-mocks (2.6.0)
    tzinfo (0.3.30)
    webmock (1.7.6)
      addressable (~> 2.2, > 2.2.5)
      crack (>= 0.1.7)

PLATFORMS
  ruby

DEPENDENCIES
  awesome_print
  crack
  curb
  rake
  rspec
  tzinfo
  webmock
